GIT
  remote: git@github.com:kyan/kyan_jukebox_websocket_lib.git
  revision: 60178464e15c2465357326aa40906c1e71377de5
  specs:
    kyan_jukebox (0.2.0)

GIT
  remote: git@github.com:whomwah/motion-sparkle.git
  revision: bc1a604dc58b51fef2c099a6c4950e7a9a53d414
  specs:
    motion-sparkle (0.0.3)

GEM
  remote: https://rubygems.org/
  specs:
    activesupport (3.2.16)
      i18n (~> 0.6, >= 0.6.4)
      multi_json (~> 1.0)
    bubble-wrap (1.4.0)
    claide (0.4.0)
    cocoapods (0.29.0)
      activesupport (>= 3.2.15, < 4)
      claide (~> 0.4.0)
      cocoapods-core (= 0.29.0)
      cocoapods-downloader (~> 0.3.0)
      cocoapods-try-release-fix (~> 0.1.1)
      colored (~> 1.2)
      escape (~> 0.0.4)
      json_pure (~> 1.8)
      nap (~> 0.5)
      open4 (~> 1.3)
      xcodeproj (~> 0.14.1)
    cocoapods-core (0.29.0)
      activesupport (>= 3.2.15, < 4)
      fuzzy_match (~> 2.0.4)
      json_pure (~> 1.8)
      nap (~> 0.5)
    cocoapods-downloader (0.3.0)
    cocoapods-try-release-fix (0.1.1)
    colored (1.2)
    escape (0.0.4)
    fuzzy_match (2.0.4)
    i18n (0.6.9)
    ib (0.4.3)
      thor (>= 0.15.4)
      tilt (>= 1.4.1)
      xcodeproj (>= 0.11.1)
    json_pure (1.8.1)
    motion-cocoapods (1.4.0)
      cocoapods (>= 0.26.2)
    multi_json (1.8.4)
    nap (0.6.0)
    open4 (1.3.0)
    rake (10.1.1)
    sugarcube (1.3.11)
    thor (0.18.1)
    tilt (2.0.0)
    xcodeproj (0.14.1)
      activesupport (~> 3.0)
      colored (~> 1.2)
      rake

PLATFORMS
  ruby

DEPENDENCIES
  bubble-wrap (~> 1.4.0)
  ib (~> 0.4.3)
  kyan_jukebox!
  motion-cocoapods (~> 1.4.0)
  motion-sparkle (~> 0.0.3)!
  rake
  sugarcube (~> 1.3.7)
